GEM
  remote: https://rubygems.org/
  specs:
    async_sinatra (1.3.0)
      rack (>= 2.0.0)
      sinatra (>= 1.4.8)
    daemons (1.2.6)
    em-hiredis (0.3.1)
      eventmachine (~> 1.0)
      hiredis (~> 0.6.0)
    eventmachine (1.2.7)
    hiredis (0.6.1)
    mustermann (1.0.3)
    rack (2.0.5)
    rack-protection (2.0.4)
      rack
    sinatra (2.0.4)
      mustermann (~> 1.0)
      rack (~> 2.0)
      rack-protection (= 2.0.4)
      tilt (~> 2.0)
    thin (1.7.2)
      daemons (~> 1.0, >= 1.0.9)
      eventmachine (~> 1.0, >= 1.0.4)
      rack (>= 1, < 3)
    tilt (2.0.8)

PLATFORMS
  ruby

DEPENDENCIES
  async_sinatra
  em-hiredis (>= 0.3.1)
  sinatra (>= 2.0.0)
  thin

RUBY VERSION
   ruby 2.5.1p57

BUNDLED WITH
   1.16.5
